GEM
  remote: https://rubygems.org/
  specs:
    activesupport (5.1.4)
      concurrent-ruby (~> 1.0, >= 1.0.2)
      i18n (~> 0.7)
      minitest (~> 5.1)
      tzinfo (~> 1.1)
    concurrent-ruby (1.0.5)
    i18n (0.8.6)
    jira-ruby (1.4.3)
      activesupport
      multipart-post
      oauth (~> 0.5, >= 0.5.0)
    minitest (5.10.3)
    multipart-post (2.0.0)
    oauth (0.5.3)
    thread_safe (0.3.6)
    tzinfo (1.2.3)
      thread_safe (~> 0.1)

PLATFORMS
  ruby

DEPENDENCIES
  jira-ruby

BUNDLED WITH
   1.14.6
